PATH
  remote: .
  specs:
    paymaya (0.1.0)

GEM
  remote: https://rubygems.org/
  specs:

PLATFORMS
  ruby

DEPENDENCIES
  paymaya!

BUNDLED WITH
   2.1.4
